PATH
  remote: .
  specs:
    tap_amazing_print (0.1.0)

GEM
  remote: https://rubygems.org/
  specs:
    amazing_print (1.5.0)
    diff-lcs (1.5.1)
    rake (13.1.0)
    rspec (3.13.0)
      rspec-core (~> 3.13.0)
      rspec-expectations (~> 3.13.0)
      rspec-mocks (~> 3.13.0)
    rspec-core (3.13.0)
      rspec-support (~> 3.13.0)
    rspec-expectations (3.13.0)
      diff-lcs (>= 1.2.0, < 2.0)
      rspec-support (~> 3.13.0)
    rspec-mocks (3.13.0)
      diff-lcs (>= 1.2.0, < 2.0)
      rspec-support (~> 3.13.0)
    rspec-support (3.13.0)

PLATFORMS
  arm64-darwin-22
  ruby

DEPENDENCIES
  amazing_print
  bundler
  rake (~> 13.0)
  rspec (~> 3.0)
  tap_amazing_print!

BUNDLED WITH
   2.5.6
